GEM
  remote: https://rubygems.org/
  specs:
    ast (2.4.2)
    cane (3.0.0)
      parallel
    diff-lcs (1.5.0)
    docile (1.4.0)
    kwalify (0.7.2)
    parallel (1.22.1)
    parser (3.1.2.0)
      ast (~> 2.4.1)
    rainbow (3.1.1)
    rake (13.0.6)
    reek (6.1.1)
      kwalify (~> 0.7.0)
      parser (~> 3.1.0)
      rainbow (>= 2.0, < 4.0)
    rspec (3.11.0)
      rspec-core (~> 3.11.0)
      rspec-expectations (~> 3.11.0)
      rspec-mocks (~> 3.11.0)
    rspec-core (3.11.0)
      rspec-support (~> 3.11.0)
    rspec-expectations (3.11.0)
      diff-lcs (>= 1.2.0, < 2.0)
      rspec-support (~> 3.11.0)
    rspec-mocks (3.11.1)
      diff-lcs (>= 1.2.0, < 2.0)
      rspec-support (~> 3.11.0)
    rspec-support (3.11.0)
    simplecov (0.21.2)
      docile (~> 1.1)
      simplecov-html (~> 0.11)
      simplecov_json_formatter (~> 0.1)
    simplecov-html (0.12.3)
    simplecov_json_formatter (0.1.4)

PLATFORMS
<<<<<<< HEAD
  x86_64-darwin-21
=======
<<<<<<< HEAD
  x86_64-darwin-21
=======
  ruby
>>>>>>> bf2cfddce747bbe338c6a0aa8afcc9c6936b3f00
>>>>>>> 029b0c856a5eb0b5a21251223a7264044a54d449

DEPENDENCIES
  cane
  rake
  reek
  rspec
  simplecov

BUNDLED WITH
<<<<<<< HEAD
   2.3.13
=======
<<<<<<< HEAD
   2.3.11
=======
   2.1.4
>>>>>>> bf2cfddce747bbe338c6a0aa8afcc9c6936b3f00
>>>>>>> 029b0c856a5eb0b5a21251223a7264044a54d449
